GEM
  remote: https://rubygems.org/
  specs:
    CFPropertyList (3.0.0)
    atomos (0.1.2)
    claide (1.0.2)
    colored2 (3.1.2)
    ib (1.0.1)
      thor (~> 0.19.1)
      tilt (~> 2.0.3)
      xcodeproj (~> 1.0)
    nanaimo (0.2.5)
    rake (12.3.1)
    thor (0.19.4)
    tilt (2.0.8)
    xcodeproj (1.5.7)
      CFPropertyList (>= 2.3.3, < 4.0)
      atomos (~> 0.1.2)
      claide (>= 1.0.2, < 2.0)
      colored2 (~> 3.1)
      nanaimo (~> 0.2.4)

PLATFORMS
  ruby

DEPENDENCIES
  ib
  rake

BUNDLED WITH
   1.16.1
